GEM
  remote: https://rubygems.org/
  specs:
    classifier (1.3.3)
      fast-stemmer (>= 1.0.0)
    colorator (0.1)
    commander (4.1.5)
      highline (~> 1.6.11)
    fast-stemmer (1.0.2)
    ffi (1.9.3)
    fileutils (0.7)
      rmagick (>= 2.13.1)
    highline (1.6.20)
    jekyll (1.3.0)
      classifier (~> 1.3)
      colorator (~> 0.1)
      commander (~> 4.1.3)
      liquid (~> 2.5.2)
      listen (~> 1.3)
      maruku (~> 0.6.0)
      pygments.rb (~> 0.5.0)
      redcarpet (~> 2.3.0)
      safe_yaml (~> 0.9.7)
    json (1.8.1)
    liquid (2.5.3)
    listen (1.3.1)
      rb-fsevent (>= 0.9.3)
      rb-inotify (>= 0.9)
      rb-kqueue (>= 0.2)
    maruku (0.6.1)
      syntax (>= 1.0.0)
    mini_portile (0.5.2)
    nokogiri (1.6.0)
      mini_portile (~> 0.5.0)
    posix-spawn (0.3.6)
    pygments.rb (0.5.4)
      posix-spawn (~> 0.3.6)
      yajl-ruby (~> 1.1.0)
    rake (10.1.0)
    rb-fsevent (0.9.3)
    rb-inotify (0.9.2)
      ffi (>= 0.5.0)
    rb-kqueue (0.2.0)
      ffi (>= 0.5.0)
    rdiscount (2.1.7)
    redcarpet (2.3.0)
    ri_cal (0.8.8)
    rmagick (2.13.2)
    safe_yaml (0.9.7)
    stringex (2.1.0)
    sweetie (1.0.1)
      json (>= 1.6.1)
      nokogiri (>= 1.4.6)
    syntax (1.0.0)
    tzinfo-data (1.2013.8)
    yajl-ruby (1.1.0)

PLATFORMS
  ruby

DEPENDENCIES
  colorator (= 0.1)
  fileutils (= 0.7)
  highline (= 1.6.20)
  jekyll (= 1.3.0)
  liquid (= 2.5.3)
  nokogiri (= 1.6.0)
  pygments.rb (= 0.5.4)
  rake (= 10.1.0)
  rdiscount (= 2.1.7)
  ri_cal (= 0.8.8)
  stringex (= 2.1.0)
  sweetie (= 1.0.1)
  tzinfo-data (= 1.2013.8)
