GEM
  remote: http://rubygems.org/
  specs:
    fileutils (0.7)
      rmagick (>= 2.13.1)
    rake (0.9.2.2)
    rmagick (2.13.1)
    stringex (1.4.0)

PLATFORMS
  ruby

DEPENDENCIES
  fileutils (~> 0.7)
  rake (~> 0.9)
  stringex (~> 1.4.0)
