GEM
  remote: https://rubygems.org/
  specs:
    classifier (1.3.3)
      fast-stemmer (>= 1.0.0)
    colorator (0.1)
    commander (4.1.5)
      highline (~> 1.6.11)
    directory_watcher (1.4.1)
    fast-stemmer (1.0.2)
    fileutils (0.7)
      rmagick (>= 2.13.1)
    highline (1.6.19)
    jekyll (1.2.1)
      classifier (~> 1.3)
      colorator (~> 0.1)
      commander (~> 4.1.3)
      directory_watcher (~> 1.4.1)
      liquid (~> 2.5.2)
      maruku (~> 0.5)
      pygments.rb (~> 0.5.0)
      redcarpet (~> 2.3.0)
      safe_yaml (~> 0.7.0)
    json (1.8.0)
    liquid (2.5.2)
    maruku (0.6.1)
      syntax (>= 1.0.0)
    mini_portile (0.5.1)
    nokogiri (1.6.0)
      mini_portile (~> 0.5.0)
    posix-spawn (0.3.6)
    pygments.rb (0.5.2)
      posix-spawn (~> 0.3.6)
      yajl-ruby (~> 1.1.0)
    rake (10.1.0)
    rdiscount (2.1.6)
    redcarpet (2.3.0)
    ri_cal (0.8.8)
    rmagick (2.13.2)
    safe_yaml (0.7.1)
    stringex (2.0.8)
    sweetie (1.0.1)
      json (>= 1.6.1)
      nokogiri (>= 1.4.6)
    syntax (1.0.0)
    tzinfo (1.0.1)
    yajl-ruby (1.1.0)

PLATFORMS
  ruby

DEPENDENCIES
  colorator (= 0.1)
  fileutils (= 0.7)
  highline (= 1.6.19)
  jekyll (= 1.2.1)
  liquid (= 2.5.2)
  nokogiri (= 1.6.0)
  pygments.rb (= 0.5.2)
  rake (= 10.1.0)
  rdiscount (= 2.1.6)
  ri_cal (= 0.8.8)
  stringex (= 2.0.8)
  sweetie (= 1.0.1)
  tzinfo (= 1.0.1)
